PATH
  remote: .
  specs:
    blinkbox-user (0.3.1)
      http_capture
      httparty
      multi_json

GEM
  remote: http://artifactory.blinkbox.local/artifactory/api/gems/bbb-gems/
  remote: http://artifactory.blinkbox.local/artifactory/api/gems/rubygems/
  specs:
    diff-lcs (1.2.5)
    http_capture (0.2.0)
    httparty (0.13.1)
      json (~> 1.8)
      multi_xml (>= 0.5.2)
    json (1.8.1)
    multi_json (1.10.1)
    multi_xml (0.5.5)
    rake (10.3.2)
    rspec (2.99.0)
      rspec-core (~> 2.99.0)
      rspec-expectations (~> 2.99.0)
      rspec-mocks (~> 2.99.0)
    rspec-core (2.99.1)
    rspec-expectations (2.99.2)
      diff-lcs (>= 1.1.3, < 2.0)
    rspec-mocks (2.99.2)

PLATFORMS
  ruby

DEPENDENCIES
  blinkbox-user!
  bundler (~> 1.3)
  rake (~> 10.1)
  rspec (~> 2.0)
